PATH
  remote: .
  specs:
    rbflagr (0.1.0)
      json
      typhoeus (~> 1.0, >= 1.0.1)

GEM
  remote: https://rubygems.org/
  specs:
    addressable (2.5.2)
      public_suffix (>= 2.0.2, < 4.0)
    crack (0.4.3)
      safe_yaml (~> 1.0.0)
    diff-lcs (1.3)
    ethon (0.10.1)
      ffi (>= 1.3.0)
    ffi (1.9.18)
    hashdiff (0.3.7)
    json (2.1.0)
    public_suffix (3.0.0)
    rake (12.0.0)
    rspec (3.7.0)
      rspec-core (~> 3.7.0)
      rspec-expectations (~> 3.7.0)
      rspec-mocks (~> 3.7.0)
    rspec-core (3.7.0)
      rspec-support (~> 3.7.0)
    rspec-expectations (3.7.0)
      diff-lcs (>= 1.2.0, < 2.0)
      rspec-support (~> 3.7.0)
    rspec-mocks (3.7.0)
      diff-lcs (>= 1.2.0, < 2.0)
      rspec-support (~> 3.7.0)
    rspec-support (3.7.0)
    safe_yaml (1.0.4)
    typhoeus (1.3.0)
      ethon (>= 0.9.0)
    vcr (3.0.3)
    webmock (1.24.6)
      addressable (>= 2.3.6)
      crack (>= 0.3.2)
      hashdiff

PLATFORMS
  ruby

DEPENDENCIES
  rake (~> 12.0.0)
  rbflagr!
  rspec (~> 3.6, >= 3.6.0)
  vcr (~> 3.0, >= 3.0.1)
  webmock (~> 1.24, >= 1.24.3)

BUNDLED WITH
   1.16.0.pre.2
